GEM
  remote: https://rubygems.org/
  specs:
    byebug (11.1.3)
    coderay (1.1.3)
    ddtrace (1.0.0.beta1)
      debase-ruby_core_source (<= 0.10.14)
      libddwaf (~> 1.0.14.2.0.a)
      msgpack
    debase-ruby_core_source (0.10.14)
    ffi (1.15.5)
    interception (0.5)
    libddwaf (1.0.14.2.1.beta1-arm64-darwin)
      ffi (~> 1.0)
    method_source (1.0.0)
    msgpack (1.4.5)
    pry (0.14.1)
      coderay (~> 1.1)
      method_source (~> 1.0)
    pry-byebug (3.8.0)
      byebug (~> 11.0)
      pry (~> 0.10)
    pry-rescue (1.5.2)
      interception (>= 0.5)
      pry (>= 0.12.0)

PLATFORMS
  arm64-darwin-21

DEPENDENCIES
  ddtrace (~> 1.0.0.beta1)
  pry
  pry-byebug
  pry-rescue

BUNDLED WITH
   2.3.4
